GIT
  remote: git@github.com:fog/fog.git
  revision: 89b5edb36b2e1bc66ea10248425256062594d2cf
  branch: master
  specs:
    fog (1.18.0)
      builder
      excon (~> 0.28.0)
      formatador (~> 0.2.0)
      mime-types
      multi_json (~> 1.0)
      net-scp (~> 1.1)
      net-ssh (>= 2.1.3)
      nokogiri (~> 1.5)
      ruby-hmac

PATH
  remote: .
  specs:
    vcloud-walker (0.1.0)
      fog (~> 1.18.0)
      json (~> 1.8.0)
      thor (~> 0.18.1)

GEM
  remote: https://rubygems.org/
  specs:
    builder (3.2.2)
    diff-lcs (1.2.5)
    docile (1.1.1)
    excon (0.28.0)
    formatador (0.2.4)
    gem_publisher (1.3.0)
    json (1.8.1)
    json_spec (1.1.1)
      multi_json (~> 1.0)
      rspec (~> 2.0)
    mime-types (2.0)
    mini_portile (0.5.2)
    multi_json (1.8.2)
    net-scp (1.1.2)
      net-ssh (>= 2.6.5)
    net-ssh (2.7.0)
    nokogiri (1.6.0)
      mini_portile (~> 0.5.0)
    rake (10.1.0)
    rspec (2.14.1)
      rspec-core (~> 2.14.0)
      rspec-expectations (~> 2.14.0)
      rspec-mocks (~> 2.14.0)
    rspec-core (2.14.7)
    rspec-expectations (2.14.4)
      diff-lcs (>= 1.1.3, < 2.0)
    rspec-mocks (2.14.4)
    ruby-hmac (0.4.0)
    simplecov (0.8.2)
      docile (~> 1.1.0)
      multi_json
      simplecov-html (~> 0.8.0)
    simplecov-html (0.8.0)
    thor (0.18.1)

PLATFORMS
  ruby

DEPENDENCIES
  fog!
  gem_publisher (~> 1.3.0)
  json_spec (~> 1.1.1)
  rake
  rspec (~> 2.14.1)
  rspec-mocks (~> 2.14.3)
  simplecov (~> 0.8.2)
  vcloud-walker!
